GEM
  remote: https://rubygems.org/
  specs:
    byebug (11.1.3)
    fileutils (1.7.2)
    httparty (0.21.0)
      mini_mime (>= 1.0.0)
      multi_xml (>= 0.5.2)
    json (2.7.1)
    mini_mime (1.1.5)
    multi_xml (0.6.0)
    openssl (3.2.0)

PLATFORMS
  x86_64-darwin-22

DEPENDENCIES
  byebug
  fileutils
  httparty
  json
  openssl

BUNDLED WITH
   2.4.12
